PATH
  remote: .
  specs:
    stable (1.18.2)
      rake (~> 13.0)

GEM
  remote: https://rubygems.org/
  specs:
    rake (13.3.0)

PLATFORMS
  ruby
  x86_64-darwin-24

DEPENDENCIES
  stable!

BUNDLED WITH
   2.6.9
