PATH
  remote: .
  specs:
    stable (1.8.0)
      rake

GEM
  remote: https://rubygems.org/
  specs:
    rake (13.3.0)

PLATFORMS
  ruby
  x86_64-darwin-24

DEPENDENCIES
  stable!

BUNDLED WITH
   2.6.9
